GIT
  remote: https://github.com/nakilon/ruby2d
  revision: a80fa4b47e713e22995a7c2698fd055f5464b23b
  submodules: true
  specs:
    ruby2d (0.9.2)

GEM
  remote: https://rubygems.org/
  specs:
    nethttputils (0.3.2.6)
    rubyzip (1.2.2)

PLATFORMS
  ruby

DEPENDENCIES
  nethttputils
  ruby2d!
  rubyzip

BUNDLED WITH
   1.17.1
